PATH
  remote: .
  specs:
    autoroku (0.0.1)
      erubis (~> 2.7.0)
      excon (~> 0.20.0)
      netrc (~> 0.7.7)
      yajl-ruby (~> 1.1.0)

GEM
  remote: http://rubygems.org/
  specs:
    addressable (2.3.4)
    crack (0.3.2)
    erubis (2.7.0)
    excon (0.20.1)
    minitest (4.7.3)
    netrc (0.7.7)
    rake (10.0.4)
    rr (1.0.4)
    webmock (1.11.0)
      addressable (>= 2.2.7)
      crack (>= 0.3.2)
    yajl-ruby (1.1.0)

PLATFORMS
  ruby

DEPENDENCIES
  autoroku!
  minitest
  rake
  rr
  webmock
